GIT
  remote: https://github.com/allure-framework/allure-ruby.git
  revision: 9b6b6638acb48f55edf3628edac15a8afe3f6ec9
  specs:
    allure-rspec (2.17.0)
      allure-ruby-commons (= 2.17.0)
      rspec-core (>= 3.8, < 4)
    allure-ruby-commons (2.17.0)
      mime-types (>= 3.3, < 4)
      oj (>= 3.10, < 4)
      require_all (>= 2, < 4)
      uuid (>= 2.3, < 3)

GIT
  remote: https://github.com/arempe93/bunny-mock.git
  revision: 468fe867815bd86fde9797379964b7336d5bcfec
  specs:
    bunny-mock (1.7.0)
      bunny (>= 1.7)

GEM
  remote: https://rubygems.org/
  specs:
    activesupport (7.0.2.3)
      concurrent-ruby (~> 1.0, >= 1.0.2)
      i18n (>= 1.6, < 2)
      minitest (>= 5.1)
      tzinfo (~> 2.0)
    addressable (2.8.0)
      public_suffix (>= 2.0.2, < 5.0)
    amq-protocol (2.3.2)
    ast (2.4.2)
    backport (1.2.0)
    benchmark (0.2.0)
    bunny (2.19.0)
      amq-protocol (~> 2.3, >= 2.3.1)
      sorted_set (~> 1, >= 1.0.2)
    coderay (1.1.3)
    concurrent-ruby (1.1.10)
    connection_pool (2.2.5)
    crack (0.4.5)
      rexml
    diff-lcs (1.5.0)
    dotenv (2.7.6)
    dry-configurable (0.12.1)
      concurrent-ruby (~> 1.0)
      dry-core (~> 0.5, >= 0.5.0)
    dry-core (0.7.1)
      concurrent-ruby (~> 1.0)
    dry-inflector (0.2.1)
    e2mmap (0.1.0)
    fast_jsonapi (1.5)
      activesupport (>= 4.2)
    google-protobuf (3.20.1-x86_64-linux)
    googleapis-common-protos-types (1.3.1)
      google-protobuf (~> 3.14)
    grpc (1.45.0-x86_64-linux)
      google-protobuf (~> 3.19)
      googleapis-common-protos-types (~> 1.0)
    grpc-tools (1.45.0)
    hashdiff (1.0.1)
    httparty (0.18.1)
      mime-types (~> 3.0)
      multi_xml (>= 0.5.2)
    i18n (1.10.0)
      concurrent-ruby (~> 1.0)
    io-console (0.5.11)
    irb (1.3.7)
      reline (>= 0.2.7)
    jaro_winkler (1.5.4)
    json (2.6.1)
    json-schema (2.8.1)
      addressable (>= 2.4)
    json_spec (1.1.5)
      multi_json (~> 1.0)
      rspec (>= 2.0, < 4.0)
    kramdown (2.4.0)
      rexml
    kramdown-parser-gfm (1.1.0)
      kramdown (~> 2.0)
    macaddr (1.7.2)
      systemu (~> 2.6.5)
    method_source (1.0.0)
    mime-types (3.4.1)
      mime-types-data (~> 3.2015)
    mime-types-data (3.2022.0105)
    minitest (5.15.0)
    mock_redis (0.31.0)
      ruby2_keywords
    multi_json (1.15.0)
    multi_xml (0.6.0)
    nio4r (2.5.8)
    nokogiri (1.13.4-x86_64-linux)
      racc (~> 1.4)
    oj (3.13.11)
    parallel (1.22.1)
    parser (3.1.2.0)
      ast (~> 2.4.1)
    pry (0.14.1)
      coderay (~> 1.1)
      method_source (~> 1.0)
    public_suffix (4.0.7)
    puma (5.6.4)
      nio4r (~> 2.0)
    racc (1.6.0)
    rack (2.2.3)
    rack-unreloader (1.8.0)
    rainbow (3.1.1)
    rake (12.3.3)
    rbtree (0.4.5)
    redis (4.6.0)
    redis-objects (1.5.1)
      redis (~> 4.2)
    regexp_parser (2.3.1)
    reline (0.3.1)
      io-console (~> 0.5)
    require_all (3.0.0)
    reverse_markdown (2.1.1)
      nokogiri
    rexml (3.2.5)
    roda (3.55.0)
      rack
    roda-route_list (2.1.0)
      roda
    rspec (3.11.0)
      rspec-core (~> 3.11.0)
      rspec-expectations (~> 3.11.0)
      rspec-mocks (~> 3.11.0)
    rspec-core (3.11.0)
      rspec-support (~> 3.11.0)
    rspec-expectations (3.11.0)
      diff-lcs (>= 1.2.0, < 2.0)
      rspec-support (~> 3.11.0)
    rspec-mocks (3.11.1)
      diff-lcs (>= 1.2.0, < 2.0)
      rspec-support (~> 3.11.0)
    rspec-support (3.11.0)
    rspec_junit_formatter (0.5.1)
      rspec-core (>= 2, < 4, != 2.12.0)
    rubocop (1.28.2)
      parallel (~> 1.10)
      parser (>= 3.1.0.0)
      rainbow (>= 2.2.2, < 4.0)
      regexp_parser (>= 1.8, < 3.0)
      rexml
      rubocop-ast (>= 1.17.0, < 2.0)
      ruby-progressbar (~> 1.7)
      unicode-display_width (>= 1.4.0, < 3.0)
    rubocop-ast (1.17.0)
      parser (>= 3.1.1.0)
    rubocop-rspec (2.10.0)
      rubocop (~> 1.19)
    ruby-debug-ide (0.7.3)
      rake (>= 0.8.1)
    ruby-progressbar (1.11.0)
    ruby2_keywords (0.0.5)
    serverengine (2.1.1)
      sigdump (~> 0.2.2)
    set (1.0.2)
    sigdump (0.2.4)
    sneakers (2.12.0)
      bunny (~> 2.14)
      concurrent-ruby (~> 1.0)
      rake (~> 12.3)
      serverengine (~> 2.1.0)
      thor
    solargraph (0.44.3)
      backport (~> 1.2)
      benchmark
      bundler (>= 1.17.2)
      diff-lcs (~> 1.4)
      e2mmap
      jaro_winkler (~> 1.5)
      kramdown (~> 2.3)
      kramdown-parser-gfm (~> 1.1)
      parser (~> 3.0)
      reverse_markdown (>= 1.0.5, < 3)
      rubocop (>= 0.52)
      thor (~> 1.0)
      tilt (~> 2.0)
      yard (~> 0.9, >= 0.9.24)
    sorted_set (1.0.3)
      rbtree
      set (~> 1.0)
    strum-esb (0.3.2)
      bunny (~> 2.15)
      connection_pool (~> 2.2.2)
      dry-configurable (~> 0.12.1)
      dry-inflector (~> 0.2.1)
      json (~> 2.3)
      sneakers (~> 2.12)
    strum-json (0.0.5)
      dry-inflector (~> 0.2.0)
      json (~> 2.3)
      json-schema (~> 2.8.1)
      strum-service (~> 0.1)
    strum-pipe (0.0.4)
      strum-service (~> 0.1)
    strum-service (0.2.2)
    systemu (2.6.5)
    thor (1.2.1)
    tilt (2.0.10)
    tzinfo (2.0.4)
      concurrent-ruby (~> 1.0)
    unicode-display_width (2.1.0)
    uuid (2.3.9)
      macaddr (~> 1.0)
    varint (0.1.1)
    vcr (6.1.0)
    webmock (3.14.0)
      addressable (>= 2.8.0)
      crack (>= 0.3.2)
      hashdiff (>= 0.4.0, < 2.0.0)
    webrick (1.7.0)
    yard (0.9.27)
      webrick (~> 1.7.0)

PLATFORMS
  x86_64-linux

DEPENDENCIES
  allure-rspec (~> 2.17.0)!
  bundler (~> 2.3.12)
  bunny-mock (~> 1.7.0)!
  dotenv (~> 2.7)
  fast_jsonapi (= 1.5)
  google-protobuf (~> 3.20.1)
  grpc (~> 1.37)
  grpc-tools (~> 1.37)
  httparty (~> 0.18.1)
  irb (~> 1.3.7)
  json_spec (~> 1.1.5)
  mock_redis (~> 0.31.0)
  oj (~> 3.12)
  pry (~> 0.14)
  puma (~> 5.4)
  rack-unreloader (~> 1.7)
  rake (~> 12.3)
  redis-objects (~> 1.5)
  roda (~> 3.32)
  roda-route_list (~> 2.1)
  rspec (~> 3.10)
  rspec_junit_formatter (~> 0.4)
  rubocop (~> 1.25)
  rubocop-rspec (~> 2.4)
  ruby-debug-ide (~> 0.7.0)
  solargraph (~> 0.44.3)
  strum-esb (= 0.3.2)
  strum-json (~> 0.0.5)
  strum-pipe (~> 0.0.4)
  strum-service (~> 0.2.1)
  varint
  vcr (~> 6.0)
  webmock (~> 3.12)

RUBY VERSION
   ruby 3.0.1p64

BUNDLED WITH
   2.3.12
